GEM
  remote: https://rubygems.org/
  specs:
    arr-pm (0.0.9)
      cabin (> 0)
    backports (3.6.4)
    cabin (0.7.1)
    childprocess (0.5.5)
      ffi (~> 1.0, >= 1.0.11)
    clamp (0.6.4)
    colorize (0.6.0)
    ffi (1.9.6)
    fpm (1.3.3)
      arr-pm (~> 0.0.9)
      backports (>= 2.6.2)
      cabin (>= 0.6.0)
      childprocess
      clamp (~> 0.6)
      ffi
      json (>= 1.7.7)
    highline (1.6.20)
    json (1.8.2)
    json_pure (1.8.1)
    mime-types (2.4.3)
    package_cloud (0.2.18)
      colorize (= 0.6.0)
      highline (= 1.6.20)
      json_pure (= 1.8.1)
      rest-client (= 1.6.7)
      thor (= 0.18.1)
    rest-client (1.6.7)
      mime-types (>= 1.16)
    thor (0.18.1)

PLATFORMS
  ruby

DEPENDENCIES
  fpm
  package_cloud
